GEM
  remote: https://rubygems.org/
  specs:
    vault (0.10.0)

PLATFORMS
  ruby

DEPENDENCIES
  vault

BUNDLED WITH
   1.14.6
